GEM
  remote: https://rubygems.org/
  specs:
    dbd-odbc (0.2.5)
      dbi (>= 0.4.0)
    dbi (0.4.5)
      deprecated (= 2.0.1)
    deprecated (2.0.1)

PLATFORMS
  x86-mingw32

DEPENDENCIES
  dbd-odbc
  dbi
